GEM
  remote: https://rubygems.org/
  specs:
    coreaudio (0.0.12)
      narray (~> 0.6.0.0)
    fft (0.0.1)
      gnuplot
    gnuplot (2.6.2)
    narray (0.6.0.9)
    serialport (1.3.1)
    thread (0.2.2)

PLATFORMS
  ruby

DEPENDENCIES
  coreaudio (~> 0.0.12)
  fft (~> 0.0.1)
  serialport
  thread

BUNDLED WITH
   1.17.2
